{
  "InstitutionName": "University of New Mexico",
  "InstitutionalDepartmentName": "Psychology",
  "PowerLineFrequency": 60,
  "ManufacturersModelName": "Brain Vision ActiChamp",
  "EEGGround": "AFz",
  "EEGReference": "CPz",
  "EEGChannelCount": 64,
  "TaskName": "ContinuousVideoGamePlay",
  "MiscChannelCount": 65,
  "RecordingType": "continuous",
  "RecordingDuration": 1898.35,
  "SamplingFrequency": 500,
  "SubjectArtefactDescription": "Gamble: no practice period; straight into task;  behavioral logs not recorded/found for Odd/Gamble (at least not in normal folder on stim comp)  ",
  "EOGChannelCount": 0,
  "ECGChannelCount": 0,
  "EMGChannelCount": 0,
  "SoftwareFilters": "n/a"
}