{
  "InstitutionName": "University of New Mexico",
  "InstitutionalDepartmentName": "Psychology",
  "PowerLineFrequency": 60,
  "ManufacturersModelName": "Brain Vision ActiChamp",
  "EEGGround": "AFz",
  "EEGReference": "CPz",
  "EEGChannelCount": 64,
  "TaskName": "ContinuousVideoGamePlay",
  "MiscChannelCount": 65,
  "RecordingType": "continuous",
  "RecordingDuration": 1957.05,
  "SamplingFrequency": 500,
  "SubjectArtefactDescription": "EEG started at game 102; had to edit log    There are 2 ODDGAMBLE files.  No idea why.",
  "EOGChannelCount": 0,
  "ECGChannelCount": 0,
  "EMGChannelCount": 0,
  "SoftwareFilters": "n/a"
}