{
  "InstitutionName": "University of New Mexico",
  "InstitutionalDepartmentName": "Psychology",
  "PowerLineFrequency": 60,
  "ManufacturersModelName": "Brain Vision ActiChamp",
  "EEGGround": "AFz",
  "EEGReference": "CPz",
  "EEGChannelCount": 64,
  "TaskName": "ContinuousVideoGamePlay",
  "MiscChannelCount": 65,
  "RecordingType": "continuous",
  "RecordingDuration": 2049,
  "SamplingFrequency": 500,
  "SubjectArtefactDescription": "Lotsa Gamble!  120 each.  If something is odd withtheir ODDGAMBLE file, just don't use it.  Some mislableing in there, combined with imprecise notes - can't verify what's going on.",
  "EOGChannelCount": 0,
  "ECGChannelCount": 0,
  "EMGChannelCount": 0,
  "SoftwareFilters": "n/a"
}